STORAGE: NONE
NUGET
  remote: https://www.nuget.org/api/v2
    FSharp.Core (7.0)
    Giraffe (6.0)
      FSharp.Core (>= 6.0.1) - restriction: >= net6.0
      Giraffe.ViewEngine (>= 1.3) - restriction: >= net6.0
      Microsoft.IO.RecyclableMemoryStream (>= 2.2) - restriction: >= net6.0
      Newtonsoft.Json (>= 13.0.1) - restriction: >= net6.0
      System.Text.Json (>= 6.0.2) - restriction: >= net6.0
      Utf8Json (>= 1.3.7) - restriction: >= net6.0
    Giraffe.ViewEngine (1.4) - restriction: >= net6.0
      FSharp.Core (>= 5.0) - restriction: >= netstandard2.0
    Microsoft.IO.RecyclableMemoryStream (2.2.1) - restriction: >= net6.0
    Newtonsoft.Json (13.0.2) - restriction: >= net6.0
    System.Reflection.Emit (4.7) - restriction: >= net6.0
    System.Reflection.Emit.Lightweight (4.7) - restriction: >= net6.0
    System.Runtime.CompilerServices.Unsafe (6.0) - restriction: || (&& (>= net462) (>= net6.0)) (&& (>= net6.0) (< net7.0))
    System.Text.Encodings.Web (7.0) - restriction: >= net6.0
      System.Runtime.CompilerServices.Unsafe (>= 6.0) - restriction: || (>= net462) (&& (>= net6.0) (< net7.0)) (&& (< net6.0) (>= netstandard2.0))
    System.Text.Json (7.0.1) - restriction: >= net6.0
      System.Runtime.CompilerServices.Unsafe (>= 6.0) - restriction: || (>= net462) (&& (>= net6.0) (< net7.0)) (&& (< net6.0) (>= netstandard2.0))
      System.Text.Encodings.Web (>= 7.0) - restriction: || (>= net462) (>= netstandard2.0)
    System.Threading.Tasks.Extensions (4.5.4) - restriction: >= net6.0
    System.ValueTuple (4.5) - restriction: >= net6.0
    Utf8Json (1.3.7) - restriction: >= net6.0
      System.Reflection.Emit (>= 4.3) - restriction: || (&& (>= net45) (< netstandard2.0)) (&& (< net45) (>= netstandard2.0)) (>= net47)
      System.Reflection.Emit.Lightweight (>= 4.3) - restriction: || (&& (>= net45) (< netstandard2.0)) (&& (< net45) (>= netstandard2.0)) (>= net47)
      System.Threading.Tasks.Extensions (>= 4.4) - restriction: || (&& (>= net45) (< netstandard2.0)) (&& (< net45) (>= netstandard2.0)) (>= net47)
      System.ValueTuple (>= 4.4) - restriction: || (&& (>= net45) (< netstandard2.0)) (&& (< net45) (>= netstandard2.0)) (>= net47)
