STORAGE: NONE
NUGET
  remote: https://www.nuget.org/api/v2
    FSharp.Core (7.0)
    Giraffe (6.0)
      FSharp.Core (>= 6.0.1) - restriction: >= net6.0
      Giraffe.ViewEngine (>= 1.3) - restriction: >= net6.0
      Microsoft.IO.RecyclableMemoryStream (>= 2.2) - restriction: >= net6.0
      Newtonsoft.Json (>= 13.0.1) - restriction: >= net6.0
      System.Text.Json (>= 6.0.2) - restriction: >= net6.0
      Utf8Json (>= 1.3.7) - restriction: >= net6.0
    Giraffe.ViewEngine (1.4) - restriction: >= net6.0
      FSharp.Core (>= 5.0) - restriction: >= netstandard2.0
    Microsoft.AspNetCore.SpaServices.Extensions (7.0.2)
      Microsoft.Extensions.FileProviders.Physical (>= 7.0) - restriction: >= net7.0
    Microsoft.Extensions.FileProviders.Abstractions (7.0) - restriction: >= net7.0
      Microsoft.Extensions.Primitives (>= 7.0) - restriction: || (>= net462) (>= netstandard2.0)
    Microsoft.Extensions.FileProviders.Physical (7.0) - restriction: >= net7.0
      Microsoft.Extensions.FileProviders.Abstractions (>= 7.0) - restriction: || (>= net462) (>= netstandard2.0)
      Microsoft.Extensions.FileSystemGlobbing (>= 7.0) - restriction: || (>= net462) (>= netstandard2.0)
      Microsoft.Extensions.Primitives (>= 7.0) - restriction: || (>= net462) (>= netstandard2.0)
    Microsoft.Extensions.FileSystemGlobbing (7.0) - restriction: >= net7.0
    Microsoft.Extensions.Primitives (7.0) - restriction: >= net7.0
    Microsoft.IO.RecyclableMemoryStream (2.2.1) - restriction: >= net6.0
    Newtonsoft.Json (13.0.2) - restriction: >= net6.0
    System.Reflection.Emit (4.7) - restriction: >= net6.0
    System.Reflection.Emit.Lightweight (4.7) - restriction: >= net6.0
    System.Runtime.CompilerServices.Unsafe (6.0) - restriction: || (&& (>= net462) (>= net6.0)) (&& (>= net6.0) (< net7.0))
    System.Text.Encodings.Web (7.0) - restriction: >= net6.0
      System.Runtime.CompilerServices.Unsafe (>= 6.0) - restriction: || (>= net462) (&& (>= net6.0) (< net7.0)) (&& (< net6.0) (>= netstandard2.0))
    System.Text.Json (7.0.1) - restriction: >= net6.0
      System.Runtime.CompilerServices.Unsafe (>= 6.0) - restriction: || (>= net462) (&& (>= net6.0) (< net7.0)) (&& (< net6.0) (>= netstandard2.0))
      System.Text.Encodings.Web (>= 7.0) - restriction: || (>= net462) (>= netstandard2.0)
    System.Threading.Tasks.Extensions (4.5.4) - restriction: >= net6.0
    System.ValueTuple (4.5) - restriction: >= net6.0
    Utf8Json (1.3.7) - restriction: >= net6.0
      System.Reflection.Emit (>= 4.3) - restriction: || (&& (>= net45) (< netstandard2.0)) (&& (< net45) (>= netstandard2.0)) (>= net47)
      System.Reflection.Emit.Lightweight (>= 4.3) - restriction: || (&& (>= net45) (< netstandard2.0)) (&& (< net45) (>= netstandard2.0)) (>= net47)
      System.Threading.Tasks.Extensions (>= 4.4) - restriction: || (&& (>= net45) (< netstandard2.0)) (&& (< net45) (>= netstandard2.0)) (>= net47)
      System.ValueTuple (>= 4.4) - restriction: || (&& (>= net45) (< netstandard2.0)) (&& (< net45) (>= netstandard2.0)) (>= net47)

GROUP Client
STORAGE: NONE
NUGET
  remote: https://www.nuget.org/api/v2
    Elmish (4.0)
      FSharp.Core (>= 6.0.7) - restriction: >= netstandard2.0
    Fable.Browser.Blob (1.3) - restriction: >= netstandard2.0
      Fable.Core (>= 3.0) - restriction: >= netstandard2.0
      FSharp.Core (>= 4.7.2) - restriction: >= netstandard2.0
    Fable.Browser.Dom (2.14) - restriction: >= netstandard2.0
      Fable.Browser.Blob (>= 1.3) - restriction: >= netstandard2.0
      Fable.Browser.Event (>= 1.5) - restriction: >= netstandard2.0
      Fable.Browser.WebStorage (>= 1.2) - restriction: >= netstandard2.0
      Fable.Core (>= 3.2.8) - restriction: >= netstandard2.0
      FSharp.Core (>= 4.7.2) - restriction: >= netstandard2.0
    Fable.Browser.Event (1.5) - restriction: >= netstandard2.0
      Fable.Browser.Gamepad (>= 1.1) - restriction: >= netstandard2.0
      Fable.Core (>= 3.0) - restriction: >= netstandard2.0
      FSharp.Core (>= 4.7.2) - restriction: >= netstandard2.0
    Fable.Browser.Gamepad (1.2) - restriction: >= netstandard2.0
      Fable.Core (>= 3.0) - restriction: >= netstandard2.0
      FSharp.Core (>= 4.7.2) - restriction: >= netstandard2.0
    Fable.Browser.WebStorage (1.2) - restriction: >= netstandard2.0
      Fable.Browser.Event (>= 1.5) - restriction: >= netstandard2.0
      Fable.Core (>= 3.0) - restriction: >= netstandard2.0
      FSharp.Core (>= 4.7.2) - restriction: >= netstandard2.0
    Fable.Core (3.7.1) - restriction: >= netstandard2.0
    Fable.Elmish (4.0) - restriction: >= netstandard2.0
      Fable.Core (>= 3.7.1) - restriction: >= netstandard2.0
      FSharp.Core (>= 4.7.2) - restriction: >= netstandard2.0
    Fable.Elmish.Debugger (4.0)
      Fable.Elmish (>= 4.0) - restriction: >= netstandard2.0
      FSharp.Core (>= 6.0.7) - restriction: >= netstandard2.0
      Thoth.Json (>= 6.0) - restriction: >= netstandard2.0
    Fable.Elmish.HMR (7.0)
      Fable.Core (>= 3.7.1) - restriction: >= netstandard2.0
      Fable.Elmish.React (>= 4.0) - restriction: >= netstandard2.0
      FSharp.Core (>= 4.7.2) - restriction: >= netstandard2.0
    Fable.Elmish.React (4.0) - restriction: >= netstandard2.0
      Fable.Elmish (>= 4.0) - restriction: >= netstandard2.0
      Fable.ReactDom.Types (>= 18.0) - restriction: >= netstandard2.0
      FSharp.Core (>= 4.7.2) - restriction: >= netstandard2.0
    Fable.Lit (1.4.2)
      Fable.Browser.Dom (>= 2.5) - restriction: >= netstandard2.0
      Fable.Core (>= 3.6) - restriction: >= netstandard2.0
      Fable.Promise (>= 3.1) - restriction: >= netstandard2.0
      FSharp.Core (>= 5.0) - restriction: >= netstandard2.0
    Fable.Lit.Elmish (1.4)
      Fable.Elmish (>= 3.1) - restriction: >= netstandard2.0
      Fable.Lit (>= 1.3.2) - restriction: >= netstandard2.0
      FSharp.Core (>= 5.0) - restriction: >= netstandard2.0
    Fable.LitStore (1.0.0-beta-001)
      Fable.Lit (>= 1.4.2) - restriction: >= netstandard2.0
      Fable.Store (>= 1.0.0-beta-005) - restriction: >= netstandard2.0
      FSharp.Core (>= 6.0.1) - restriction: >= netstandard2.0
    Fable.Promise (3.2) - restriction: >= netstandard2.0
      Fable.Core (>= 3.7.1) - restriction: >= netstandard2.0
      FSharp.Core (>= 4.7.2) - restriction: >= netstandard2.0
    Fable.React.Types (18.3) - restriction: >= netstandard2.0
      Fable.Browser.Dom (>= 2.4.4) - restriction: >= netstandard2.0
      Fable.Core (>= 3.2.7) - restriction: >= netstandard2.0
      FSharp.Core (>= 4.7.2) - restriction: >= netstandard2.0
    Fable.ReactDom.Types (18.2) - restriction: >= netstandard2.0
      Fable.React.Types (>= 18.3) - restriction: >= netstandard2.0
      FSharp.Core (>= 4.7.2) - restriction: >= netstandard2.0
    Fable.Store (1.0.0-beta-005)
      Fable.Core (>= 3.1.6) - restriction: >= netstandard2.0
      FSharp.Core (>= 5.0) - restriction: >= netstandard2.0
    FSharp.Core (7.0)
    Thoth.Json (9.1) - restriction: >= netstandard2.0
      Fable.Core (>= 3.1.6) - restriction: >= netstandard2.0
      FSharp.Core (>= 4.7.2) - restriction: >= netstandard2.0
